GEM
  remote: https://rubygems.org/
  specs:
    colorize (0.8.1)
    diff-lcs (1.5.0)
    pastel (0.8.0)
      tty-color (~> 0.5)
    rspec (3.11.0)
      rspec-core (~> 3.11.0)
      rspec-expectations (~> 3.11.0)
      rspec-mocks (~> 3.11.0)
    rspec-core (3.11.0)
      rspec-support (~> 3.11.0)
    rspec-expectations (3.11.0)
      diff-lcs (>= 1.2.0, < 2.0)
      rspec-support (~> 3.11.0)
    rspec-mocks (3.11.1)
      diff-lcs (>= 1.2.0, < 2.0)
      rspec-support (~> 3.11.0)
    rspec-support (3.11.0)
    ruby2d (0.9.2)
    tty-color (0.6.0)
    tty-cursor (0.7.1)
    tty-font (0.5.0)
    tty-spinner (0.9.3)
      tty-cursor (~> 0.7)

PLATFORMS
  universal-darwin-21

DEPENDENCIES
  colorize (~> 0.8.1)
  pastel (~> 0.8.0)
  rspec (~> 3.11)
  ruby2d (~> 0.9.2)
  tty-font (~> 0.5.0)
  tty-spinner (~> 0.9.3)

BUNDLED WITH
   2.3.12
